GEM
  remote: https://rubygems.org/
  specs:
    concurrent-ruby (1.0.2)
    execjs (2.7.0)
    faraday (0.9.2)
      multipart-post (>= 1.2, < 3)
    forecast_io (2.0.0)
      faraday
      hashie
      multi_json
    hashie (3.4.4)
    httparty (0.11.0)
      multi_json (~> 1.0)
      multi_xml (>= 0.5.2)
    json (2.0.1)
    kgio (2.10.0)
    multi_json (1.12.1)
    multi_xml (0.5.5)
    multipart-post (2.0.0)
    rack (1.6.4)
    rack-protection (1.5.3)
      rack
    raindrops (0.16.0)
    sass (3.4.22)
    sinatra (1.4.7)
      rack (~> 1.5)
      rack-protection (~> 1.4)
      tilt (>= 1.3, < 3)
    sprockets (3.6.3)
      concurrent-ruby (~> 1.0)
      rack (> 1, < 3)
    sprockets-helpers (1.2.1)
      sprockets (>= 2.2)
    tilt (2.0.5)
    uglifier (3.0.0)
      execjs (>= 0.3.0, < 3)
    unicorn (5.1.0)
      kgio (~> 2.6)
      raindrops (~> 0.7)

PLATFORMS
  ruby

DEPENDENCIES
  forecast_io
  httparty
  json
  sass
  sinatra (~> 1.4.7)
  sprockets
  sprockets-helpers
  uglifier
  unicorn

RUBY VERSION
   ruby 2.0.0p481

BUNDLED WITH
   1.12.5
